PATH
  remote: .
  specs:
    rss-motor (0.1.0)
      xml-motor (>= 0.1.6)

GEM
  remote: http://rubygems.org/
  specs:
    xml-motor (0.1.6)

PLATFORMS
  ruby

DEPENDENCIES
  rss-motor!
  xml-motor (>= 0.1.6)
